GEM
  remote: https://rubygems.org/
  specs:
    CFPropertyList (2.3.2)
    addressable (2.5.0)
      public_suffix (~> 2.0, >= 2.0.2)
    aws-sdk (2.5.8)
      aws-sdk-resources (= 2.5.8)
    aws-sdk-core (2.5.8)
      jmespath (~> 1.0)
    aws-sdk-resources (2.5.8)
      aws-sdk-core (= 2.5.8)
    builder (3.2.2)
    contracts (0.11.0)
    coveralls (0.8.23)
      json (>= 1.8, < 3)
      simplecov (~> 0.16.1)
      term-ansicolor (~> 1.3)
      thor (>= 0.19.4, < 2.0)
      tins (~> 1.6)
    diff-lcs (1.2.5)
    docile (1.3.2)
    excon (0.52.0)
    fission (0.5.0)
      CFPropertyList (~> 2.2)
    fog (1.25.0)
      fog-brightbox (~> 0.4)
      fog-core (~> 1.25)
      fog-json
      fog-profitbricks
      fog-radosgw (>= 0.0.2)
      fog-sakuracloud (>= 0.0.4)
      fog-softlayer
      fog-terremark
      fog-vmfusion
      fog-voxel
      fog-xml (~> 0.1.1)
      ipaddress (~> 0.5)
      nokogiri (~> 1.5, >= 1.5.11)
      opennebula
    fog-brightbox (0.11.0)
      fog-core (~> 1.22)
      fog-json
      inflecto (~> 0.0.2)
    fog-core (1.42.0)
      builder
      excon (~> 0.49)
      formatador (~> 0.2)
    fog-json (1.0.2)
      fog-core (~> 1.0)
      multi_json (~> 1.10)
    fog-profitbricks (0.0.5)
      fog-core
      fog-xml
      nokogiri
    fog-radosgw (0.0.5)
      fog-core (>= 1.21.0)
      fog-json
      fog-xml (>= 0.0.1)
    fog-sakuracloud (1.7.5)
      fog-core
      fog-json
    fog-softlayer (1.1.4)
      fog-core
      fog-json
    fog-terremark (0.1.0)
      fog-core
      fog-xml
    fog-vmfusion (0.1.0)
      fission
      fog-core
    fog-voxel (0.1.0)
      fog-core
      fog-xml
    fog-xml (0.1.2)
      fog-core
      nokogiri (~> 1.5, >= 1.5.11)
    formatador (0.2.5)
    httparty (0.14.0)
      multi_xml (>= 0.5.2)
    iglu-ruby-client (0.1.0)
      httparty (<= 0.14.0)
      json-schema (~> 2.7.0, >= 2.7.0)
    inflecto (0.0.2)
    ipaddress (0.8.3)
    jdbc-postgres (9.4.1206)
    jmespath (1.3.1)
    jruby-jars (9.1.6.0)
    jruby-rack (1.1.20)
    json (2.2.0)
    json (2.2.0-java)
    json-schema (2.7.0)
      addressable (>= 2.4)
    mime-types (3.1)
      mime-types-data (~> 3.2015)
    mime-types-data (3.2016.0521)
    mini_portile2 (2.1.0)
    multi_json (1.12.1)
    multi_xml (0.6.0)
    net-ssh (2.9.4)
    nokogiri (1.6.8)
      mini_portile2 (~> 2.1.0)
      pkg-config (~> 1.1.7)
    nokogiri (1.6.8-java)
    opennebula (5.0.2)
      json
      nokogiri
      rbvmomi
    pkg-config (1.1.9)
    plissken (0.1.0)
    public_suffix (2.0.5)
    rake (10.4.2)
    rbvmomi (1.9.2)
      builder (~> 3.2)
      json (>= 1.8)
      nokogiri (~> 1.5)
      trollop (~> 2.1)
    rspec (2.99.0)
      rspec-core (~> 2.99.0)
      rspec-expectations (~> 2.99.0)
      rspec-mocks (~> 2.99.0)
    rspec-core (2.99.2)
    rspec-expectations (2.99.2)
      diff-lcs (>= 1.1.3, < 2.0)
    rspec-mocks (2.99.4)
    rubyzip (1.2.0)
    simplecov (0.16.1)
      docile (~> 1.1)
      json (>= 1.8, < 3)
      simplecov-html (~> 0.10.0)
    simplecov-html (0.10.2)
    sluice (0.4.0)
      contracts (~> 0.9)
      fog (= 1.25)
      net-ssh (~> 2.9.2)
    snowplow-tracker (0.5.2)
      contracts (~> 0.7, <= 0.11)
    term-ansicolor (1.7.1)
      tins (~> 1.0)
    thor (0.20.3)
    tins (1.20.3)
    trollop (2.1.2)
    warbler (2.0.4)
      jruby-jars (>= 9.0.0.0)
      jruby-rack (>= 1.1.1, < 1.3)
      rake (>= 10.1.0)
      rubyzip (~> 1.0, < 1.4)

PLATFORMS
  java
  ruby

DEPENDENCIES
  aws-sdk (~> 2)
  contracts (~> 0.9, <= 0.11)
  coveralls (>= 0.8.15)
  iglu-ruby-client (>= 0.1.0)
  jdbc-postgres
  mime-types
  plissken (~> 0.1.0)
  rspec (~> 2.14, >= 2.14.1)
  sluice (~> 0.4.0)
  snowplow-tracker (~> 0.5.2)
  warbler

RUBY VERSION
   ruby 2.3.1p0 (jruby 9.1.6.0)

BUNDLED WITH
   1.17.3
